GIT
  remote: git://github.com/alloy/ios-sim-test.git
  revision: ec0c4e9e779895a199d6fc9b0bec92f00071c9e9
  specs:
    ios-sim-test (0.0.1)
      claide (>= 0.2)
      colored (~> 1.2)

GIT
  remote: git://github.com/lukeredpath/github-downloads.git
  revision: 0ed8d7a59f5e15d72ce87c44a9000e301d3fa952
  specs:
    github-downloads (0.1.3)
      highline
      hirb
      json
      mime-types
      rest-client
      simpleconsole

GIT
  remote: git://github.com/lukeredpath/xcodebuild-rb.git
  revision: 3d3019756f49e892cf8166f14c9f2d5e33adf068
  specs:
    xcodebuild-rb (0.2.0)
      state_machine (~> 1.1.2)

GEM
  remote: https://rubygems.org/
  specs:
    RubyInline (3.12.3)
      ZenTest (~> 4.3)
    ZenTest (4.10.1)
    activesupport (3.2.19)
      i18n (~> 0.6, >= 0.6.4)
      multi_json (~> 1.0)
    claide (0.4.0)
    cocoapods (0.28.0)
      activesupport (>= 3.2.15, < 4)
      claide (~> 0.4.0)
      cocoapods-core (= 0.28.0)
      cocoapods-downloader (~> 0.2.0)
      colored (~> 1.2)
      escape (~> 0.0.4)
      json_pure (~> 1.8)
      open4 (~> 1.3)
      xcodeproj (~> 0.14.1)
    cocoapods-core (0.28.0)
      activesupport (>= 3.2.15, < 4)
      fuzzy_match (~> 2.0.4)
      json (~> 1.8)
      nap (~> 0.5)
    cocoapods-downloader (0.2.0)
    colored (1.2)
    daemons (1.1.9)
    escape (0.0.4)
    eventmachine (1.0.3)
    fuzzy_match (2.0.4)
    highline (1.6.21)
    hirb (0.7.2)
    httpclient (2.3.4.1)
    i18n (0.6.11)
    json (1.8.1)
    json_pure (1.8.1)
    macaddr (1.7.1)
      systemu (~> 2.6.2)
    mime-types (2.3)
    multi_json (1.10.1)
    nap (0.8.0)
    netrc (0.7.7)
    open4 (1.3.4)
    osx_keychain (1.0.0)
      RubyInline (~> 3)
    pusher (0.12.0)
      httpclient (~> 2.3.0)
      multi_json (~> 1.0)
      signature (~> 0.1.6)
    rack (1.5.2)
    rack-protection (1.5.3)
      rack
    rake (10.3.2)
    rest-client (1.7.1)
      mime-types (>= 1.16, < 3.0)
      netrc (~> 0.7)
    signature (0.1.7)
    simpleconsole (0.1.1)
    sinatra (1.4.5)
      rack (~> 1.4)
      rack-protection (~> 1.4)
      tilt (~> 1.3, >= 1.3.4)
    state_machine (1.1.2)
    systemu (2.6.4)
    thin (1.6.2)
      daemons (>= 1.0.9)
      eventmachine (>= 1.0.0)
      rack (>= 1.0.0)
    tilt (1.4.1)
    uuid (2.3.7)
      macaddr (~> 1.0)
    xcodeproj (0.14.1)
      activesupport (~> 3.0)
      colored (~> 1.2)
      rake

PLATFORMS
  ruby

DEPENDENCIES
  cocoapods (~> 0.28.0)
  github-downloads!
  ios-sim-test!
  json
  osx_keychain
  pusher
  rake
  rest-client
  sinatra
  thin
  uuid
  xcodebuild-rb!
  xcodeproj
